GEM
  remote: https://rubygems.org/
  specs:
    ethon (0.11.0)
      ffi (>= 1.3.0)
    ffi (1.9.25)
    json (2.1.0)
    mustermann (1.0.3)
    rack (2.0.6)
    rack-protection (2.0.4)
      rack
    sinatra (2.0.4)
      mustermann (~> 1.0)
      rack (~> 2.0)
      rack-protection (= 2.0.4)
      tilt (~> 2.0)
    square_connect (2.20180918.1.251)
      json (~> 2.1, >= 2.1.0)
      typhoeus (~> 1.0, >= 1.0.1)
    tilt (2.0.8)
    typhoeus (1.3.1)
      ethon (>= 0.9.0)

PLATFORMS
  ruby

DEPENDENCIES
  sinatra (~> 2.0)
  square_connect

RUBY VERSION
   ruby 2.3.1p112

BUNDLED WITH
   1.16.2
